PATH
  remote: .
  specs:
    http_headers-content_type (0.1.1)
      http_headers-utils (>= 0.2.0, < 1.0.0)

GEM
  remote: https://rubygems.org/
  specs:
    http_headers-utils (0.2.0)
    minitest (5.14.0)
    rake (10.5.0)

PLATFORMS
  ruby
  x64-mingw32

DEPENDENCIES
  bundler (~> 2.0)
  http_headers-content_type!
  minitest (~> 5.0)
  rake (~> 10.0)

BUNDLED WITH
   2.0.1
